GEM
  remote: https://rubygems.org/
  specs:
    dbf (2.0.7)
      fastercsv (~> 1.5.4)
    fastercsv (1.5.5)
    rack (1.5.2)
    rack-protection (1.5.3)
      rack
    sinatra (1.4.5)
      rack (~> 1.4)
      rack-protection (~> 1.4)
      tilt (~> 1.3, >= 1.3.4)
    tilt (1.4.1)

PLATFORMS
  ruby

DEPENDENCIES
  dbf
  sinatra
